PATH
  remote: .
  specs:
    day (0.0.5)

GEM
  remote: http://rubygems.org/
  specs:
    rake (0.9.2.2)
    unicode (0.4.2)

PLATFORMS
  ruby

DEPENDENCIES
  day!
  rake
  unicode
